GEM
  remote: https://rubygems.org/
  specs:
    builder (3.2.3)
    mini_portile2 (2.4.0)
    nokogiri (1.10.8)
      mini_portile2 (~> 2.4.0)

PLATFORMS
  ruby

DEPENDENCIES
  builder
  nokogiri (~> 1.10.8)

BUNDLED WITH
   1.17.2
