GEM
  remote: https://rubygems.org/
  specs:
    builder (3.2.3)
    byebug (9.1.0)
    mini_portile2 (2.3.0)
    nokogiri (1.8.2)
      mini_portile2 (~> 2.3.0)

PLATFORMS
  ruby

DEPENDENCIES
  builder
  byebug
  nokogiri

BUNDLED WITH
   1.15.4
