GEM
  remote: https://rubygems.org/
  specs:
    builder (3.2.3)
    mini_portile2 (2.3.0)
    nokogiri (1.8.1)
      mini_portile2 (~> 2.3.0)

PLATFORMS
  ruby

DEPENDENCIES
  builder
  nokogiri (~> 1.8.1)

BUNDLED WITH
   1.16.1
